GEM
  remote: https://rubygems.org/
  specs:
    r-fxxk (0.4.0)

PLATFORMS
  ruby

DEPENDENCIES
  r-fxxk
